GEM
  remote: https://rubygems.org/
  specs:
    childprocess (0.5.3)
      ffi (~> 1.0, >= 1.0.11)
    coderay (1.1.0)
    commonwatir (4.0.0)
    facets (2.9.3)
    ffi (1.9.3)
    json (1.8.1)
    method_source (0.8.2)
    multi_json (1.10.0)
    pry (0.9.12.6)
      coderay (~> 1.0)
      method_source (~> 0.8)
      slop (~> 3.4)
    rubyzip (1.1.3)
    selenium-webdriver (2.41.0)
      childprocess (>= 0.5.0)
      multi_json (~> 1.0)
      rubyzip (~> 1.0)
      websocket (~> 1.0.4)
    slop (3.5.0)
    watir (5.0.0)
      commonwatir (~> 4)
      watir-webdriver
    watir-webdriver (0.6.9)
      selenium-webdriver (>= 2.18.0)
    webdriver-user-agent (7.1)
      facets
      json
      selenium-webdriver
    websocket (1.0.7)

PLATFORMS
  ruby

DEPENDENCIES
  pry
  watir
  webdriver-user-agent
